GEM
  remote: https://rubygems.org/
  specs:
    addressable (2.4.0)
    aws-sdk (2.5.6)
      aws-sdk-resources (= 2.5.6)
    aws-sdk-core (2.5.6)
      jmespath (~> 1.0)
    aws-sdk-resources (2.5.6)
      aws-sdk-core (= 2.5.6)
    builder (3.2.2)
    chef-config (12.14.89)
      addressable
      fuzzyurl
      mixlib-config (~> 2.0)
      mixlib-shellout (~> 2.0)
    coderay (1.1.1)
    concurrent-ruby (1.0.2)
    ffi (1.9.14)
    ffi-yajl (2.3.0)
      libyajl2 (~> 1.2)
    fuzzyurl (0.9.0)
    geocluster (0.1.1)
      geocoder
      pr_geohash
    geocoder (1.4.0)
    gpsd_client (0.0.5)
    ipaddress (0.8.3)
    jmespath (1.3.1)
    libyajl2 (1.2.0)
    lolcat (42.1.43)
      paint (~> 1.0.0)
      trollop (~> 2.1.2)
    method_source (0.8.2)
    mini_portile2 (2.1.0)
    mixlib-cli (1.7.0)
    mixlib-config (2.2.4)
    mixlib-log (1.7.1)
    mixlib-shellout (2.2.7)
    network_interface (0.0.1)
    nokogiri (1.6.8)
      mini_portile2 (~> 2.1.0)
      pkg-config (~> 1.1.7)
    ohai (8.20.0)
      chef-config (>= 12.5.0.alpha.1, < 13)
      ffi (~> 1.9)
      ffi-yajl (~> 2.2)
      ipaddress
      mixlib-cli
      mixlib-config (~> 2.0)
      mixlib-log (>= 1.7.1, < 2.0)
      mixlib-shellout (~> 2.0)
      plist (~> 3.1)
      systemu (~> 2.6.4)
      wmi-lite (~> 1.0)
    packetfu (1.1.11)
      network_interface (~> 0.0)
      pcaprub (~> 0.12)
    paint (1.0.1)
    pcaprub (0.12.4)
    pkg-config (1.1.7)
    plist (3.2.0)
    pr_geohash (1.0.0)
    pry (0.10.4)
      coderay (~> 1.1.0)
      method_source (~> 0.8.1)
      slop (~> 3.4)
    redis (3.3.1)
    ruby_kml (0.1.7)
      builder
      nokogiri
    slop (3.6.0)
    systemu (2.6.5)
    thor (0.19.1)
    trollop (2.1.2)
    wmi-lite (1.0.0)
    wpa_cli_ruby (0.0.3)

PLATFORMS
  ruby

DEPENDENCIES
  aws-sdk (~> 2)
  concurrent-ruby
  geocluster
  gpsd_client
  lolcat
  ohai
  packetfu
  pcaprub
  pry
  redis
  ruby_kml
  thor
  wpa_cli_ruby

BUNDLED WITH
   1.13.1
