GEM
  remote: https://rubygems.org/
  specs:
    aws-sdk (2.5.6)
      aws-sdk-resources (= 2.5.6)
    aws-sdk-core (2.5.6)
      jmespath (~> 1.0)
    aws-sdk-resources (2.5.6)
      aws-sdk-core (= 2.5.6)
    builder (3.2.2)
    coderay (1.1.1)
    concurrent-ruby (1.0.2)
    geocluster (0.1.1)
      geocoder
      pr_geohash
    geocoder (1.4.0)
    gpsd_client (0.0.5)
    jmespath (1.3.1)
    lolcat (42.1.43)
      paint (~> 1.0.0)
      trollop (~> 2.1.2)
    method_source (0.8.2)
    mini_portile2 (2.1.0)
    network_interface (0.0.1)
    nokogiri (1.6.8)
      mini_portile2 (~> 2.1.0)
      pkg-config (~> 1.1.7)
    packetfu (1.1.11)
      network_interface (~> 0.0)
      pcaprub (~> 0.12)
    paint (1.0.1)
    pcaprub (0.12.4)
    pkg-config (1.1.7)
    pr_geohash (1.0.0)
    pry (0.10.4)
      coderay (~> 1.1.0)
      method_source (~> 0.8.1)
      slop (~> 3.4)
    redis (3.3.1)
    ruby_kml (0.1.7)
      builder
      nokogiri
    slop (3.6.0)
    thor (0.19.1)
    trollop (2.1.2)
    wpa_cli_ruby (0.0.3)

PLATFORMS
  ruby

DEPENDENCIES
  aws-sdk (~> 2)
  concurrent-ruby
  geocluster
  gpsd_client
  lolcat
  packetfu
  pcaprub
  pry
  redis
  ruby_kml
  thor
  wpa_cli_ruby

BUNDLED WITH
   1.13.1
