GEM
  remote: https://rubygems.org/
  specs:
    aws-sdk (2.5.6)
      aws-sdk-resources (= 2.5.6)
    aws-sdk-core (2.5.6)
      jmespath (~> 1.0)
    aws-sdk-resources (2.5.6)
      aws-sdk-core (= 2.5.6)
    concurrent-ruby (1.0.2)
    gpsd_client (0.0.5)
    jmespath (1.3.1)
    lolcat (42.1.43)
      paint (~> 1.0.0)
      trollop (~> 2.1.2)
    network_interface (0.0.1)
    packetfu (1.1.11)
      network_interface (~> 0.0)
      pcaprub (~> 0.12)
    paint (1.0.1)
    pcaprub (0.12.4)
    trollop (2.1.2)
    wpa_cli_ruby (0.0.3)

PLATFORMS
  ruby

DEPENDENCIES
  aws-sdk (~> 2)
  concurrent-ruby
  gpsd_client
  lolcat
  packetfu
  pcaprub
  wpa_cli_ruby

BUNDLED WITH
   1.12.5
