GEM
  remote: https://rubygems.org/
  specs:
    activemodel (5.2.4.4)
      activesupport (= 5.2.4.4)
    activerecord (5.2.4.4)
      activemodel (= 5.2.4.4)
      activesupport (= 5.2.4.4)
      arel (>= 9.0)
    activesupport (5.2.4.4)
      concurrent-ruby (~> 1.0, >= 1.0.2)
      i18n (>= 0.7, < 2)
      minitest (~> 5.1)
      tzinfo (~> 1.1)
    addressable (2.5.2)
      public_suffix (>= 2.0.2, < 4.0)
    ansi (1.5.0)
    arel (9.0.0)
    aws-sdk (2.10.100)
      aws-sdk-resources (= 2.10.100)
    aws-sdk-core (2.10.100)
      aws-sigv4 (~> 1.0)
      jmespath (~> 1.0)
    aws-sdk-resources (2.10.100)
      aws-sdk-core (= 2.10.100)
    aws-sigv4 (1.0.2)
    builder (3.2.3)
    byebug (9.1.0)
    chef-config (13.6.4)
      addressable
      fuzzyurl
      mixlib-config (~> 2.0)
      mixlib-shellout (~> 2.0)
    coderay (1.1.2)
    concurrent-ruby (1.1.7)
    domain_name (0.5.20170404)
      unf (>= 0.0.5, < 1.0.0)
    ffi (1.13.1)
    ffi-yajl (2.3.1)
      libyajl2 (~> 1.2)
    file-tail (1.2.0)
      tins (~> 1.0)
    fivemat (1.3.5)
    formatador (0.2.5)
    fuzzyurl (0.9.0)
    geocluster (0.1.1)
      geocoder
      pr_geohash
    geocoder (1.6.4)
    gpsd_client (0.0.5)
    guard (2.14.1)
      formatador (>= 0.2.4)
      listen (>= 2.7, < 4.0)
      lumberjack (~> 1.0)
      nenv (~> 0.1)
      notiffany (~> 0.0)
      pry (>= 0.9.12)
      shellany (~> 0.0)
      thor (>= 0.18.1)
    guard-compat (1.2.1)
    guard-minitest (2.4.6)
      guard-compat (~> 1.2)
      minitest (>= 3.0)
    http-cookie (1.0.3)
      domain_name (~> 0.5)
    i18n (1.8.7)
      concurrent-ruby (~> 1.0)
    ipaddress (0.8.3)
    jmespath (1.3.1)
    libyajl2 (1.2.0)
    listen (3.1.5)
      rb-fsevent (~> 0.9, >= 0.9.4)
      rb-inotify (~> 0.9, >= 0.9.7)
      ruby_dep (~> 1.2)
    lolcat (90.8.8)
      paint (~> 2.0.0)
      trollop (~> 2.1.2)
    lumberjack (1.0.12)
    method_source (0.9.0)
    mime-types (3.1)
      mime-types-data (~> 3.2015)
    mime-types-data (3.2016.0521)
    mini_portile2 (2.5.0)
    minitest (5.14.2)
    minitest-reporters (1.1.19)
      ansi
      builder
      minitest (>= 5.0)
      ruby-progressbar
    mixlib-cli (1.7.0)
    mixlib-config (2.2.4)
    mixlib-log (1.7.1)
    mixlib-shellout (2.3.2)
    mqtt (0.5.0)
    nenv (0.3.0)
    netrc (0.11.0)
    nokogiri (1.11.1)
      mini_portile2 (~> 2.5.0)
      racc (~> 1.4)
    notiffany (0.1.1)
      nenv (~> 0.1)
      shellany (~> 0.0)
    ohai (13.7.0)
      chef-config (>= 12.5.0.alpha.1, < 14)
      ffi (~> 1.9)
      ffi-yajl (~> 2.2)
      ipaddress
      mixlib-cli
      mixlib-config (~> 2.0)
      mixlib-log (>= 1.7.1, < 2.0)
      mixlib-shellout (~> 2.0)
      plist (~> 3.1)
      systemu (~> 2.6.4)
      wmi-lite (~> 1.0)
    packetfu (1.1.13)
      pcaprub
    paint (2.0.1)
    pcaprub (0.12.4)
    pg (0.21.0)
    plist (3.4.0)
    pr_geohash (1.0.0)
    pry (0.11.3)
      coderay (~> 1.1.0)
      method_source (~> 0.9.0)
    public_suffix (3.0.1)
    racc (1.5.2)
    rake (13.0.1)
    rb-fsevent (0.10.2)
    rb-inotify (0.9.10)
      ffi (>= 0.5.0, < 2)
    redis (4.0.1)
    rest-client (2.0.2)
      http-cookie (>= 1.0.2, < 2.0)
      mime-types (>= 1.16, < 4.0)
      netrc (~> 0.8)
    ruby-prof (0.16.2)
    ruby-progressbar (1.9.0)
    ruby_dep (1.5.0)
    ruby_kml (0.1.7)
      builder
      nokogiri
    shellany (0.0.1)
    sync (0.5.0)
    systemu (2.6.5)
    thor (0.20.0)
    thread_safe (0.3.6)
    tins (1.26.0)
      sync
    trollop (2.1.2)
    tzinfo (1.2.9)
      thread_safe (~> 0.1)
    unf (0.1.4)
      unf_ext
    unf_ext (0.0.7.4)
    wmi-lite (1.0.0)
    wpa_cli_ruby (0.0.3)

PLATFORMS
  ruby

DEPENDENCIES
  activerecord
  activesupport (>= 5.2.4.3)
  aws-sdk (~> 2)
  byebug
  concurrent-ruby
  file-tail
  fivemat
  geocluster
  gpsd_client
  guard
  guard-minitest
  lolcat
  minitest
  minitest-reporters
  mqtt
  ohai
  packetfu
  pcaprub
  pg
  rake
  redis
  rest-client
  ruby-prof
  ruby_kml
  thor
  wpa_cli_ruby

BUNDLED WITH
   2.1.4
